GEM
  remote: https://rubygems.org/
  specs:
    rack (2.0.1)
    roda (2.18.0)
      rack

PLATFORMS
  ruby

DEPENDENCIES
  roda

BUNDLED WITH
   1.11.2
